GEM
  remote: https://rubygems.org/
  specs:
    awesome_print (1.8.0)
    domain_name (0.5.20170404)
      unf (>= 0.0.5, < 1.0.0)
    http-cookie (1.0.3)
      domain_name (~> 0.5)
    httparty (0.16.0)
      multi_xml (>= 0.5.2)
    kiba (2.0.0)
    mime-types (3.1)
      mime-types-data (~> 3.2015)
    mime-types-data (3.2016.0521)
    mini_portile2 (2.3.0)
    multi_xml (0.6.0)
    netrc (0.11.0)
    nokogiri (1.8.2)
      mini_portile2 (~> 2.3.0)
    rest-client (2.0.2)
      http-cookie (>= 1.0.2, < 2.0)
      mime-types (>= 1.16, < 4.0)
      netrc (~> 0.8)
    roo (2.7.1)
      nokogiri (~> 1)
      rubyzip (~> 1.1, < 2.0.0)
    roo-xls (1.2.0)
      nokogiri
      roo (>= 2.0.0, < 3)
      spreadsheet (> 0.9.0)
    ruby-ole (1.2.12.1)
    rubyXL (3.3.29)
      nokogiri (>= 1.4.4)
      rubyzip (>= 1.1.6)
    rubyzip (1.2.1)
    spreadsheet (1.1.7)
      ruby-ole (>= 1.0)
    themoviedb (1.0.1)
      httparty
    themoviedb-api (1.2.0)
      rest-client (~> 2.0, >= 2.0)
    unf (0.1.4)
      unf_ext
    unf_ext (0.0.7.5)
    write_xlsx (0.85.3)
      rubyzip (>= 1.0.0)
      zip-zip
    zip-zip (0.3)
      rubyzip (>= 1.0.0)

PLATFORMS
  ruby

DEPENDENCIES
  awesome_print
  kiba
  roo (~> 2.7.0)
  roo-xls
  rubyXL
  themoviedb
  themoviedb-api
  write_xlsx

BUNDLED WITH
   1.16.1
